GEM
  remote: https://rubygems.org/
  specs:
    activesupport (6.0.3.3)
      concurrent-ruby (~> 1.0, >= 1.0.2)
      i18n (>= 0.7, < 2)
      minitest (~> 5.1)
      tzinfo (~> 1.1)
      zeitwerk (~> 2.2, >= 2.2.2)
    addressable (2.5.2)
      public_suffix (>= 2.0.2, < 4.0)
    concurrent-ruby (1.1.7)
    dalli (2.7.9)
    dotenv (2.5.0)
    faraday (0.15.3)
      multipart-post (>= 1.2, < 3)
    i18n (1.8.5)
      concurrent-ruby (~> 1.0)
    minitest (5.14.2)
    multipart-post (2.0.0)
    octokit (4.13.0)
      sawyer (~> 0.8.0, >= 0.5.3)
    public_suffix (3.0.3)
    rack (1.6.11)
    rack-protection (1.5.5)
      rack
    rack-ssl-enforcer (0.2.9)
    sawyer (0.8.1)
      addressable (>= 2.3.5, < 2.6)
      faraday (~> 0.8, < 1.0)
    sinatra (1.4.8)
      rack (~> 1.5)
      rack-protection (~> 1.4)
      tilt (>= 1.3, < 3)
    sinatra_auth_github (1.2.0)
      sinatra (~> 1.0)
      warden-github (~> 1.2.0)
    squad_goals (0.2.0)
      dalli (~> 2.7)
      dotenv (~> 2.0)
      octokit (~> 4.0)
      rack-ssl-enforcer (~> 0.2)
      sinatra_auth_github (~> 1.1)
      warden-github (~> 1.1)
    thread_safe (0.3.6)
    tilt (2.0.8)
    tzinfo (1.2.7)
      thread_safe (~> 0.1)
    warden (1.2.7)
      rack (>= 1.0)
    warden-github (1.2.0)
      activesupport (> 3.0)
      octokit (> 2.1.0)
      warden (> 1.0)
    zeitwerk (2.4.0)

PLATFORMS
  ruby

DEPENDENCIES
  squad_goals

BUNDLED WITH
   1.17.1
