GIT
  remote: https://github.com/benbalter/squad_goals
  revision: cf62d6384229644823d263a2812954a246ecb77e
  ref: cf62d6384229644823d263a2812954a246ecb77e
  specs:
    squad_goals (0.2.0)
      dalli (~> 2.7)
      dotenv (~> 2.0)
      octokit (~> 4.0)
      rack-ssl-enforcer (~> 0.2)
      sinatra_auth_github (~> 2.0)
      warden-github (~> 1.1)

GEM
  remote: https://rubygems.org/
  specs:
    activesupport (7.0.4.1)
      concurrent-ruby (~> 1.0, >= 1.0.2)
      i18n (>= 1.6, < 2)
      minitest (>= 5.1)
      tzinfo (~> 2.0)
    addressable (2.8.0)
      public_suffix (>= 2.0.2, < 5.0)
    concurrent-ruby (1.1.10)
    dalli (2.7.11)
    dotenv (2.7.6)
    faraday (2.3.0)
      faraday-net_http (~> 2.0)
      ruby2_keywords (>= 0.0.4)
    faraday-net_http (2.0.3)
    i18n (1.12.0)
      concurrent-ruby (~> 1.0)
    minitest (5.17.0)
    mustermann (2.0.2)
      ruby2_keywords (~> 0.0.1)
    octokit (4.25.1)
      faraday (>= 1, < 3)
      sawyer (~> 0.9)
    public_suffix (4.0.7)
    rack (2.2.4)
    rack-protection (2.2.3)
      rack
    rack-ssl-enforcer (0.2.9)
    ruby2_keywords (0.0.5)
    sawyer (0.9.2)
      addressable (>= 2.3.5)
      faraday (>= 0.17.3, < 3)
    sinatra (2.2.3)
      mustermann (~> 2.0)
      rack (~> 2.2)
      rack-protection (= 2.2.3)
      tilt (~> 2.0)
    sinatra_auth_github (2.0.0)
      sinatra (~> 2.0)
      warden-github (~> 1.3)
    tilt (2.0.11)
    tzinfo (2.0.5)
      concurrent-ruby (~> 1.0)
    warden (1.2.9)
      rack (>= 2.0.9)
    warden-github (1.3.2)
      activesupport (> 3.0)
      octokit (> 2.1.0)
      warden (> 1.0)

PLATFORMS
  ruby

DEPENDENCIES
  squad_goals!

BUNDLED WITH
   1.17.3
